GEM
  remote: https://rubygems.org/
  specs:
    autoprefixer-rails (6.1.2)
      execjs
      json
    backports (3.6.7)
    concurrent-ruby (1.0.0)
    execjs (2.6.0)
    json (1.8.3)
    multi_json (1.11.2)
    rack (1.6.4)
    rack-protection (1.5.3)
      rack
    rack-test (0.6.3)
      rack (>= 1.0)
    sass (3.4.20)
    sinatra (1.4.6)
      rack (~> 1.4)
      rack-protection (~> 1.4)
      tilt (>= 1.3, < 3)
    sinatra-contrib (1.4.6)
      backports (>= 2.0)
      multi_json
      rack-protection
      rack-test
      sinatra (~> 1.4.0)
      tilt (>= 1.3, < 3)
    sprockets (3.5.2)
      concurrent-ruby (~> 1.0)
      rack (> 1, < 3)
    sprockets-helpers (1.2.1)
      sprockets (>= 2.2)
    tilt (2.0.1)

PLATFORMS
  ruby

DEPENDENCIES
  autoprefixer-rails
  backports
  sass
  sinatra
  sinatra-contrib
  sprockets-helpers
